GEM
  remote: https://rubygems.org/
  specs:
    bluecloth (2.2.0)
    connection_pool (2.5.3)
    mini_portile2 (2.8.9)
    mizuho (0.9.20)
      nokogiri (>= 1.4.0)
      sqlite3
    net-http-persistent (4.0.6)
      connection_pool (~> 2.2, >= 2.2.4)
    nokogiri (1.18.8)
      mini_portile2 (~> 2.8.2)
      racc (~> 1.4)
    nokogiri (1.18.8-aarch64-linux-gnu)
      racc (~> 1.4)
    nokogiri (1.18.8-x86_64-linux-gnu)
      racc (~> 1.4)
    paint (2.3.0)
    racc (1.8.1)
    rake (13.3.0)
    sqlite3 (2.7.0)
      mini_portile2 (~> 2.8.0)
    sqlite3 (2.7.0-aarch64-linux-gnu)
    sqlite3 (2.7.0-x86_64-linux-gnu)

PLATFORMS
  aarch64-linux
  ruby
  x86_64-linux

DEPENDENCIES
  bluecloth
  mizuho
  net-http-persistent
  paint
  rake

BUNDLED WITH
   2.2.0
